GEM
  specs:
    curses (1.0.1)
    gosu (0.7.50)

PLATFORMS
  ruby

DEPENDENCIES
  curses
  gosu
